GEM
  remote: https://rubygems.org/
  specs:
    coderay (1.1.1)
    cool.io (1.4.3)
    method_source (0.8.2)
    msgpack (0.5.12)
    msgpack-rpc (0.5.4)
      cool.io (~> 1.4.3)
      msgpack (~> 0.5.10)
    oj (2.15.0)
    pry (0.10.3)
      coderay (~> 1.1.0)
      method_source (~> 0.8.1)
      slop (~> 3.4)
    puma (3.4.0)
    rack (1.6.4)
    rack-protection (1.5.3)
      rack
    shotgun (0.9.1)
      rack (>= 1.0)
    sinatra (1.4.7)
      rack (~> 1.5)
      rack-protection (~> 1.4)
      tilt (>= 1.3, < 3)
    sinatra-param (1.4.0)
      sinatra (~> 1.3)
    slop (3.6.0)
    tilt (2.0.4)

PLATFORMS
  ruby

DEPENDENCIES
  msgpack
  msgpack-rpc
  oj
  pry
  puma
  shotgun
  sinatra
  sinatra-param

BUNDLED WITH
   1.12.4
