GEM
  remote: https://rubygems.org/
  specs:
    activemodel (5.0.0.rc1)
      activesupport (= 5.0.0.rc1)
    activerecord (5.0.0.rc1)
      activemodel (= 5.0.0.rc1)
      activesupport (= 5.0.0.rc1)
      arel (~> 7.0)
    activesupport (5.0.0.rc1)
      concurrent-ruby (~> 1.0, >= 1.0.2)
      i18n (~> 0.7)
      minitest (~> 5.1)
      tzinfo (~> 1.1)
    arel (7.0.0)
    coderay (1.1.1)
    concurrent-ruby (1.0.2)
    cool.io (1.4.3)
    i18n (0.7.0)
    method_source (0.8.2)
    minitest (5.9.0)
    msgpack (0.5.12)
    msgpack-rpc (0.5.4)
      cool.io (~> 1.4.3)
      msgpack (~> 0.5.10)
    pg (0.18.4)
    pry (0.10.3)
      coderay (~> 1.1.0)
      method_source (~> 0.8.1)
      slop (~> 3.4)
    slop (3.6.0)
    thread_safe (0.3.5)
    tzinfo (1.2.2)
      thread_safe (~> 0.1)

PLATFORMS
  ruby

DEPENDENCIES
  activerecord (~> 5.0.0.rc1)
  activesupport
  msgpack
  msgpack-rpc
  pg
  pry

BUNDLED WITH
   1.12.4
